GEM
  remote: https://rubygems.org/
  specs:
    actioncable (6.0.3)
      actionpack (= 6.0.3)
      nio4r (~> 2.0)
      websocket-driver (>= 0.6.1)
    actionmailbox (6.0.3)
      actionpack (= 6.0.3)
      activejob (= 6.0.3)
      activerecord (= 6.0.3)
      activestorage (= 6.0.3)
      activesupport (= 6.0.3)
      mail (>= 2.7.1)
    actionmailer (6.0.3)
      actionpack (= 6.0.3)
      actionview (= 6.0.3)
      activejob (= 6.0.3)
      mail (~> 2.5, >= 2.5.4)
      rails-dom-testing (~> 2.0)
    actionpack (6.0.3)
      actionview (= 6.0.3)
      activesupport (= 6.0.3)
      rack (~> 2.0, >= 2.0.8)
      rack-test (>= 0.6.3)
      rails-dom-testing (~> 2.0)
      rails-html-sanitizer (~> 1.0, >= 1.2.0)
    actiontext (6.0.3)
      actionpack (= 6.0.3)
      activerecord (= 6.0.3)
      activestorage (= 6.0.3)
      activesupport (= 6.0.3)
      nokogiri (>= 1.8.5)
    actionview (6.0.3)
      activesupport (= 6.0.3)
      builder (~> 3.1)
      erubi (~> 1.4)
      rails-dom-testing (~> 2.0)
      rails-html-sanitizer (~> 1.1, >= 1.2.0)
    active_decorator (1.3.2)
      activesupport
    activejob (6.0.3)
      activesupport (= 6.0.3)
      globalid (>= 0.3.6)
    activemodel (6.0.3)
      activesupport (= 6.0.3)
    activerecord (6.0.3)
      activemodel (= 6.0.3)
      activesupport (= 6.0.3)
    activestorage (6.0.3)
      actionpack (= 6.0.3)
      activejob (= 6.0.3)
      activerecord (= 6.0.3)
      marcel (~> 0.3.1)
    activesupport (6.0.3)
      concurrent-ruby (~> 1.0, >= 1.0.2)
      i18n (>= 0.7, < 2)
      minitest (~> 5.1)
      tzinfo (~> 1.1)
      zeitwerk (~> 2.2, >= 2.2.2)
    addressable (2.7.0)
      public_suffix (>= 2.0.2, < 5.0)
    airbrussh (1.4.0)
      sshkit (>= 1.6.1, != 1.7.0)
    autoprefixer-rails (9.7.6)
      execjs
    aws-eventstream (1.1.0)
    aws-partitions (1.406.0)
    aws-sdk-core (3.110.0)
      aws-eventstream (~> 1, >= 1.0.2)
      aws-partitions (~> 1, >= 1.239.0)
      aws-sigv4 (~> 1.1)
      jmespath (~> 1.0)
    aws-sdk-kms (1.39.0)
      aws-sdk-core (~> 3, >= 3.109.0)
      aws-sigv4 (~> 1.1)
    aws-sdk-s3 (1.86.2)
      aws-sdk-core (~> 3, >= 3.109.0)
      aws-sdk-kms (~> 1.26)
      aws-sigv4 (~> 1.1)
    aws-sigv4 (1.2.2)
      aws-eventstream (~> 1, >= 1.0.2)
    bindex (0.8.1)
    bootsnap (1.4.6)
      msgpack (~> 1.0)
    bootstrap (4.4.1)
      autoprefixer-rails (>= 9.1.0)
      popper_js (>= 1.14.3, < 2)
      sassc-rails (>= 2.0.0)
    bootstrap_form (4.5.0)
      actionpack (>= 5.2)
      activemodel (>= 5.2)
    builder (3.2.4)
    byebug (11.1.3)
    capistrano (3.14.0)
      airbrussh (>= 1.0.0)
      i18n
      rake (>= 10.0.0)
      sshkit (>= 1.9.0)
    capistrano-bundler (1.6.0)
      capistrano (~> 3.1)
    capistrano-rails (1.4.0)
      capistrano (~> 3.1)
      capistrano-bundler (~> 1.1)
    capistrano-rbenv (2.1.6)
      capistrano (~> 3.1)
      sshkit (~> 1.3)
    capistrano-sidekiq (1.0.2)
      capistrano (>= 3.9.0)
      sidekiq (>= 3.4)
    capistrano3-puma (4.0.0)
      capistrano (~> 3.7)
      capistrano-bundler
      puma (~> 4.0)
    capistrano3-ridgepole (0.0.4)
    coderay (1.1.2)
    concurrent-ruby (1.1.6)
    connection_pool (2.2.3)
    crass (1.0.6)
    diffy (3.3.0)
    erubi (1.9.0)
    exception_notification (4.4.0)
      actionmailer (>= 4.0, < 7)
      activesupport (>= 4.0, < 7)
    execjs (2.7.0)
    faraday (1.0.1)
      multipart-post (>= 1.2, < 3)
    ffi (1.12.2)
    font-awesome-rails (4.7.0.5)
      railties (>= 3.2, < 6.1)
    globalid (0.4.2)
      activesupport (>= 4.2.0)
    hashie (4.1.0)
    i18n (1.8.2)
      concurrent-ruby (~> 1.0)
    jbuilder (2.10.0)
      activesupport (>= 5.0.0)
    jmespath (1.4.0)
    jwt (2.2.1)
    kaminari (1.2.0)
      activesupport (>= 4.1.0)
      kaminari-actionview (= 1.2.0)
      kaminari-activerecord (= 1.2.0)
      kaminari-core (= 1.2.0)
    kaminari-actionview (1.2.0)
      actionview
      kaminari-core (= 1.2.0)
    kaminari-activerecord (1.2.0)
      activerecord
      kaminari-core (= 1.2.0)
    kaminari-core (1.2.0)
    listen (3.2.1)
      rb-fsevent (~> 0.10, >= 0.10.3)
      rb-inotify (~> 0.9, >= 0.9.10)
    loofah (2.5.0)
      crass (~> 1.0.2)
      nokogiri (>= 1.5.9)
    mail (2.7.1)
      mini_mime (>= 0.1.1)
    marcel (0.3.3)
      mimemagic (~> 0.3.2)
    method_source (1.0.0)
    mimemagic (0.3.10)
      nokogiri (~> 1)
      rake
    mini_mime (1.0.2)
    mini_portile2 (2.5.1)
    minitest (5.14.0)
    msgpack (1.3.3)
    multi_json (1.14.1)
    multi_xml (0.6.0)
    multipart-post (2.1.1)
    mysql2 (0.5.3)
    net-scp (3.0.0)
      net-ssh (>= 2.6.5, < 7.0.0)
    net-ssh (6.0.2)
    nio4r (2.5.2)
    nokogiri (1.11.4)
      mini_portile2 (~> 2.5.0)
      racc (~> 1.4)
    oauth2 (1.4.4)
      faraday (>= 0.8, < 2.0)
      jwt (>= 1.0, < 3.0)
      multi_json (~> 1.3)
      multi_xml (~> 0.5)
      rack (>= 1.2, < 3)
    omniauth (1.9.1)
      hashie (>= 3.4.6)
      rack (>= 1.6.2, < 3)
    omniauth-google-oauth2 (0.8.0)
      jwt (>= 2.0)
      omniauth (>= 1.1.1)
      omniauth-oauth2 (>= 1.6)
    omniauth-oauth2 (1.6.0)
      oauth2 (~> 1.1)
      omniauth (~> 1.9)
    popper_js (1.16.0)
    pry (0.13.1)
      coderay (~> 1.1)
      method_source (~> 1.0)
    pry-rails (0.3.9)
      pry (>= 0.10.4)
    public_suffix (4.0.5)
    puma (4.3.3)
      nio4r (~> 2.0)
    racc (1.5.2)
    rack (2.2.3)
    rack-protection (2.0.8.1)
      rack
    rack-test (1.1.0)
      rack (>= 1.0, < 3)
    rails (6.0.3)
      actioncable (= 6.0.3)
      actionmailbox (= 6.0.3)
      actionmailer (= 6.0.3)
      actionpack (= 6.0.3)
      actiontext (= 6.0.3)
      actionview (= 6.0.3)
      activejob (= 6.0.3)
      activemodel (= 6.0.3)
      activerecord (= 6.0.3)
      activestorage (= 6.0.3)
      activesupport (= 6.0.3)
      bundler (>= 1.3.0)
      railties (= 6.0.3)
      sprockets-rails (>= 2.0.0)
    rails-dom-testing (2.0.3)
      activesupport (>= 4.2.0)
      nokogiri (>= 1.6)
    rails-html-sanitizer (1.3.0)
      loofah (~> 2.3)
    rails-i18n (6.0.0)
      i18n (>= 0.7, < 2)
      railties (>= 6.0.0, < 7)
    railties (6.0.3)
      actionpack (= 6.0.3)
      activesupport (= 6.0.3)
      method_source
      rake (>= 0.8.7)
      thor (>= 0.20.3, < 2.0)
    rake (13.0.1)
    rb-fsevent (0.10.4)
    rb-inotify (0.10.1)
      ffi (~> 1.0)
    redis (4.1.4)
    redis-namespace (1.7.0)
      redis (>= 3.0.4)
    ridgepole (0.8.7)
      activerecord (>= 5.0.1, < 6.1)
      diffy
    sass-rails (6.0.0)
      sassc-rails (~> 2.1, >= 2.1.1)
    sassc (2.3.0)
      ffi (~> 1.9)
    sassc-rails (2.1.2)
      railties (>= 4.0.0)
      sassc (>= 2.0)
      sprockets (> 3.0)
      sprockets-rails
      tilt
    sidekiq (5.2.9)
      connection_pool (~> 2.2, >= 2.2.2)
      rack (~> 2.0)
      rack-protection (>= 1.5.0)
      redis (>= 3.3.5, < 4.2)
    slack-notifier (2.3.2)
    slim (4.1.0)
      temple (>= 0.7.6, < 0.9)
      tilt (>= 2.0.6, < 2.1)
    slim-rails (3.2.0)
      actionpack (>= 3.1)
      railties (>= 3.1)
      slim (>= 3.0, < 5.0)
    sprockets (4.0.0)
      concurrent-ruby (~> 1.0)
      rack (> 1, < 3)
    sprockets-rails (3.2.1)
      actionpack (>= 4.0)
      activesupport (>= 4.0)
      sprockets (>= 3.0.0)
    sshkit (1.21.0)
      net-scp (>= 1.1.2)
      net-ssh (>= 2.8.0)
    temple (0.8.2)
    thor (1.0.1)
    thread_safe (0.3.6)
    tilt (2.0.10)
    tzinfo (1.2.7)
      thread_safe (~> 0.1)
    uglifier (4.2.0)
      execjs (>= 0.3.0, < 3)
    web-console (4.0.2)
      actionview (>= 6.0.0)
      activemodel (>= 6.0.0)
      bindex (>= 0.4.0)
      railties (>= 6.0.0)
    websocket-driver (0.7.1)
      websocket-extensions (>= 0.1.0)
    websocket-extensions (0.1.4)
    zeitwerk (2.3.0)

PLATFORMS
  ruby

DEPENDENCIES
  active_decorator
  addressable
  aws-sdk-s3
  bootsnap (>= 1.1.0)
  bootstrap
  bootstrap_form
  byebug
  capistrano-rails
  capistrano-rbenv
  capistrano-sidekiq
  capistrano3-puma
  capistrano3-ridgepole
  exception_notification
  font-awesome-rails
  jbuilder (~> 2.5)
  kaminari
  listen (>= 3.0.5, < 3.3)
  mysql2
  nokogiri
  omniauth-google-oauth2
  pry-rails
  puma (~> 4)
  rails (~> 6.0.2)
  rails-i18n
  redis-namespace
  ridgepole
  sass-rails (~> 6.0)
  sidekiq (~> 5)
  slack-notifier
  slim-rails
  tzinfo-data
  uglifier (>= 1.3.0)
  web-console (>= 3.3.0)

BUNDLED WITH
   1.17.2
